GEM
  remote: https://rubygems.org/
  specs:
    activesupport (4.1.10)
      i18n (~> 0.6, >= 0.6.9)
      json (~> 1.7, >= 1.7.7)
      minitest (~> 5.1)
      thread_safe (~> 0.1)
      tzinfo (~> 1.1)
    awesome_print (1.6.1)
    backports (3.6.7)
    blankslate (2.1.2.4)
    classifier-reborn (2.0.4)
      fast-stemmer (~> 1.0)
    coderay (1.1.0)
    contest (0.1.3)
    daemons (1.2.3)
    dotenv (0.9.0)
    engtagger (0.2.0)
    eventmachine (1.0.8)
    fast-stemmer (1.0.2)
    file-tail (1.1.0)
      tins (~> 1.0)
    i18n (0.7.0)
    json (1.8.3)
    method_source (0.8.2)
    minitest (5.8.2)
    multi_json (1.11.2)
    parslet (1.4.0)
      blankslate (~> 2.0)
    pry (0.10.3)
      coderay (~> 1.1.0)
      method_source (~> 0.8.1)
      slop (~> 3.4)
    rack (1.6.4)
    rack-protection (1.5.3)
      rack
    rack-test (0.6.3)
      rack (>= 1.0)
    rack_csrf (2.4.0)
      rack (>= 0.9)
    rake (10.1.1)
    rmagick (2.15.4)
    ruby2ruby (1.3.1)
      ruby_parser (~> 2.0)
      sexp_processor (~> 3.0)
    ruby_parser (2.3.1)
      sexp_processor (~> 3.0)
    rufus-cloche (1.0.4)
      rufus-json (>= 1.0.3)
    rufus-dollar (1.0.4)
    rufus-json (1.0.6)
    rufus-mnemo (1.2.3)
    rufus-scheduler (2.0.24)
      tzinfo (>= 0.3.22)
    rufus-treechecker (1.0.8)
      ruby_parser (>= 2.0.5)
    ruote (2.3.0.3)
      blankslate (= 2.1.2.4)
      parslet (= 1.4.0)
      ruby_parser (~> 2.3)
      rufus-cloche (>= 1.0.2)
      rufus-dollar (>= 1.0.4)
      rufus-json (>= 1.0.1)
      rufus-mnemo (>= 1.2.2)
      rufus-scheduler (= 2.0.24)
      rufus-treechecker (>= 1.0.8)
      sourcify (= 0.5.0)
    sexp_processor (3.2.0)
    sinatra (1.4.6)
      rack (~> 1.4)
      rack-protection (~> 1.4)
      tilt (>= 1.3, < 3)
    sinatra-contrib (1.4.6)
      backports (>= 2.0)
      multi_json
      rack-protection
      rack-test
      sinatra (~> 1.4.0)
      tilt (>= 1.3, < 3)
    sinatra-reloader (1.0)
      sinatra-contrib
    slop (3.6.0)
    sourcify (0.5.0)
      file-tail (>= 1.0.5)
      ruby2ruby (>= 1.2.5)
      ruby_parser (>= 2.0.5)
      sexp_processor (>= 3.0.5)
    textoken (1.1.1)
    thin (1.5.1)
      daemons (>= 1.0.9)
      eventmachine (>= 0.12.6)
      rack (>= 1.0.0)
    thor (0.19.1)
    thread_safe (0.3.5)
    tilt (2.0.1)
    tins (1.7.0)
    tzinfo (1.2.2)
      thread_safe (~> 0.1)
    word_count_analyzer (0.0.14)
      engtagger

PLATFORMS
  ruby
  x86-mingw32

DEPENDENCIES
  activesupport (~> 4.1.4)
  awesome_print
  classifier-reborn
  contest (~> 0.1.3)
  dotenv (~> 0.9.0)
  fast-stemmer
  pry
  rack_csrf (~> 2.4.0)
  rake (~> 10.1.0)
  rmagick
  ruote (~> 2.3.0.3)
  sinatra (~> 1.4.3)
  sinatra-reloader (~> 1.0)
  textoken
  thin (~> 1.5.1)
  thor
  word_count_analyzer

BUNDLED WITH
   1.10.6
